GEM
  specs:
    thor (0.19.1)

PLATFORMS
  ruby

DEPENDENCIES
  thor

BUNDLED WITH
   1.10.3
